PATH
  remote: .
  specs:
    config_o_mat (0.2.1)
      aws-sdk-appconfig (~> 1.18)
      aws-sdk-secretsmanager (~> 1.57)
      lifecycle_vm (~> 0.1.1)
      logsformyfamily (~> 0.2)
      ruby-dbus (~> 0.16.0)
      sd_notify (~> 0.1.1)

GEM
  remote: https://rubygems.org/
  specs:
    aws-eventstream (1.2.0)
    aws-partitions (1.554.0)
    aws-sdk-appconfig (1.24.0)
      aws-sdk-core (~> 3, >= 3.126.0)
      aws-sigv4 (~> 1.1)
    aws-sdk-core (3.126.1)
      aws-eventstream (~> 1, >= 1.0.2)
      aws-partitions (~> 1, >= 1.525.0)
      aws-sigv4 (~> 1.1)
      jmespath (~> 1.0)
    aws-sdk-secretsmanager (1.57.0)
      aws-sdk-core (~> 3, >= 3.126.0)
      aws-sigv4 (~> 1.1)
    aws-sigv4 (1.4.0)
      aws-eventstream (~> 1, >= 1.0.2)
    diff-lcs (1.5.0)
    docile (1.4.0)
    jmespath (1.6.0)
    lifecycle_vm (0.1.2)
    logsformyfamily (0.2.3)
    rspec (3.11.0)
      rspec-core (~> 3.11.0)
      rspec-expectations (~> 3.11.0)
      rspec-mocks (~> 3.11.0)
    rspec-core (3.11.0)
      rspec-support (~> 3.11.0)
    rspec-expectations (3.11.0)
      diff-lcs (>= 1.2.0, < 2.0)
      rspec-support (~> 3.11.0)
    rspec-mocks (3.11.0)
      diff-lcs (>= 1.2.0, < 2.0)
      rspec-support (~> 3.11.0)
    rspec-support (3.11.0)
    ruby-dbus (0.16.0)
    sd_notify (0.1.1)
    simplecov (0.21.2)
      docile (~> 1.1)
      simplecov-html (~> 0.11)
      simplecov_json_formatter (~> 0.1)
    simplecov-html (0.12.3)
    simplecov_json_formatter (0.1.4)

PLATFORMS
  ruby

DEPENDENCIES
  config_o_mat!
  rspec (~> 3.10)
  simplecov (~> 0.21.2)

BUNDLED WITH
   2.1.4
